GIT
  remote: https://github.com/guard/guard-haml-coffee.git
  revision: 2ec579819d5b07dc4e5db40cd65f2b0be7ff6ccc
  specs:
    guard-haml-coffee (1.0.1)
      coffee-script
      execjs
      guard-compat (~> 1.2)

GEM
  remote: https://rubygems.org/
  specs:
    coderay (1.1.0)
    coffee-script (2.4.1)
      coffee-script-source
      execjs
    coffee-script-source (1.9.1.1)
    execjs (2.6.0)
    ffi (1.9.10)
    formatador (0.2.5)
    guard (2.13.0)
      formatador (>= 0.2.4)
      listen (>= 2.7, <= 4.0)
      lumberjack (~> 1.0)
      nenv (~> 0.1)
      notiffany (~> 0.0)
      pry (>= 0.9.12)
      shellany (~> 0.0)
      thor (>= 0.18.1)
    guard-coffeescript (2.0.1)
      coffee-script (>= 2.2.0)
      guard (>= 2.1.0)
      guard-compat (~> 1.1)
    guard-compat (1.2.1)
    guard-sass (1.6.0)
      guard (>= 2.8.0)
      sass (>= 3.1)
    guard-uglify (1.0.0)
      guard (>= 0.2.2)
      uglifier
    json (1.8.3)
    listen (3.0.3)
      rb-fsevent (>= 0.9.3)
      rb-inotify (>= 0.9)
    lumberjack (1.0.9)
    method_source (0.8.2)
    nenv (0.2.0)
    notiffany (0.0.8)
      nenv (~> 0.1)
      shellany (~> 0.0)
    pry (0.10.2)
      coderay (~> 1.1.0)
      method_source (~> 0.8.1)
      slop (~> 3.4)
    rb-fsevent (0.9.6)
    rb-inotify (0.9.5)
      ffi (>= 0.5.0)
    sass (3.4.19)
    shellany (0.0.1)
    slop (3.6.0)
    thor (0.19.1)
    uglifier (2.7.2)
      execjs (>= 0.3.0)
      json (>= 1.8.0)

PLATFORMS
  ruby

DEPENDENCIES
  guard
  guard-coffeescript
  guard-haml-coffee!
  guard-sass
  guard-uglify

BUNDLED WITH
   1.10.5
